GEM
  remote: https://rubygems.org/
  specs:
    coderay (1.1.3)
    method_source (1.0.0)
    pry (0.14.0)
      coderay (~> 1.1)
      method_source (~> 1.0)
    rake (13.0.3)

PLATFORMS
  ruby
  x64-mingw32

DEPENDENCIES
  pry
  rake

BUNDLED WITH
   1.17.3
